GEM
  remote: https://rubygems.org/
  specs:
    actionmailer (4.0.4)
      actionpack (= 4.0.4)
      mail (~> 2.5.4)
    actionpack (4.0.4)
      activesupport (= 4.0.4)
      builder (~> 3.1.0)
      erubis (~> 2.7.0)
      rack (~> 1.5.2)
      rack-test (~> 0.6.2)
    activemodel (4.0.4)
      activesupport (= 4.0.4)
      builder (~> 3.1.0)
    activerecord (4.0.4)
      activemodel (= 4.0.4)
      activerecord-deprecated_finders (~> 1.0.2)
      activesupport (= 4.0.4)
      arel (~> 4.0.0)
    activerecord-deprecated_finders (1.0.3)
    activesupport (4.0.4)
      i18n (~> 0.6, >= 0.6.9)
      minitest (~> 4.2)
      multi_json (~> 1.3)
      thread_safe (~> 0.1)
      tzinfo (~> 0.3.37)
    arel (4.0.2)
    atomic (1.1.16)
    builder (3.1.4)
    chronic_duration (0.10.4)
      numerizer (~> 0.1.1)
    coffee-rails (4.0.1)
      coffee-script (>= 2.2.0)
      railties (>= 4.0.0, < 5.0)
    coffee-script (2.2.0)
      coffee-script-source
      execjs
    coffee-script-source (1.7.0)
    domain_name (0.5.18)
      unf (>= 0.0.5, < 1.0.0)
    erubis (2.7.0)
    execjs (2.0.2)
    geokit (1.8.4)
      multi_json (>= 1.3.2)
    google_movies47 (0.2.5)
      chronic_duration
      mechanize
      nokogiri
    hike (1.2.3)
    http-cookie (1.0.2)
      domain_name (~> 0.5)
    i18n (0.6.9)
    jbuilder (1.5.3)
      activesupport (>= 3.0.0)
      multi_json (>= 1.2.0)
    jquery-rails (3.1.0)
      railties (>= 3.0, < 5.0)
      thor (>= 0.14, < 2.0)
    json (1.8.1)
    mail (2.5.4)
      mime-types (~> 1.16)
      treetop (~> 1.4.8)
    mechanize (2.7.2)
      domain_name (~> 0.5, >= 0.5.1)
      http-cookie (~> 1.0.0)
      mime-types (~> 1.17, >= 1.17.2)
      net-http-digest_auth (~> 1.1, >= 1.1.1)
      net-http-persistent (~> 2.5, >= 2.5.2)
      nokogiri (~> 1.4)
      ntlm-http (~> 0.1, >= 0.1.1)
      webrobots (>= 0.0.9, < 0.2)
    mime-types (1.25.1)
    mini_portile (0.5.3)
    minitest (4.7.5)
    multi_json (1.9.2)
    net-http-digest_auth (1.4)
    net-http-persistent (2.9.4)
    nokogiri (1.6.1)
      mini_portile (~> 0.5.0)
    ntlm-http (0.1.1)
    numerizer (0.1.1)
    pg (0.17.1)
    polyglot (0.3.4)
    rack (1.5.2)
    rack-test (0.6.2)
      rack (>= 1.0)
    rails (4.0.4)
      actionmailer (= 4.0.4)
      actionpack (= 4.0.4)
      activerecord (= 4.0.4)
      activesupport (= 4.0.4)
      bundler (>= 1.3.0, < 2.0)
      railties (= 4.0.4)
      sprockets-rails (~> 2.0.0)
    railties (4.0.4)
      actionpack (= 4.0.4)
      activesupport (= 4.0.4)
      rake (>= 0.8.7)
      thor (>= 0.18.1, < 2.0)
    rake (10.2.2)
    rdoc (4.1.1)
      json (~> 1.4)
    sass (3.2.18)
    sass-rails (4.0.2)
      railties (>= 4.0.0, < 5.0)
      sass (~> 3.2.0)
      sprockets (~> 2.8, <= 2.11.0)
      sprockets-rails (~> 2.0.0)
    sdoc (0.4.0)
      json (~> 1.8)
      rdoc (~> 4.0, < 5.0)
    sprockets (2.11.0)
      hike (~> 1.2)
      multi_json (~> 1.0)
      rack (~> 1.0)
      tilt (~> 1.1, != 1.3.0)
    sprockets-rails (2.0.1)
      actionpack (>= 3.0)
      activesupport (>= 3.0)
      sprockets (~> 2.8)
    thor (0.19.1)
    thread_safe (0.3.1)
      atomic (>= 1.1.7, < 2)
    tilt (1.4.1)
    treetop (1.4.15)
      polyglot
      polyglot (>= 0.3.1)
    turbolinks (2.2.1)
      coffee-rails
    tzinfo (0.3.39)
    uglifier (2.5.0)
      execjs (>= 0.3.0)
      json (>= 1.8.0)
    unf (0.1.3)
      unf_ext
    unf_ext (0.0.6)
    webrobots (0.1.1)

PLATFORMS
  ruby

DEPENDENCIES
  coffee-rails (~> 4.0.0)
  geokit
  google_movies47
  jbuilder (~> 1.2)
  jquery-rails
  pg
  rails (= 4.0.4)
  sass-rails (~> 4.0.2)
  sdoc
  turbolinks
  uglifier (>= 1.3.0)
